PATH
  remote: ../stipe
  specs:
    stipe (0.0.5.7.9)
      compass (>= 0.11)
      sass (>= 3.2.1)

GEM
  remote: http://rubygems.org/
  specs:
    chunky_png (1.2.8)
    compass (0.12.2)
      chunky_png (~> 1.2)
      fssm (>= 0.2.7)
      sass (~> 3.1)
    fontcustomtoadstool (0.1.3.2)
      json
      listen
      thor
    fssm (0.2.10)
    json (1.7.7)
    listen (0.7.3)
    rack (1.5.2)
    rack-protection (1.5.0)
      rack
    rake (10.0.4)
    sass (3.2.7)
    sass-globbing (1.0.0)
      sass (>= 3.1)
    sinatra (1.4.2)
      rack (~> 1.5, >= 1.5.2)
      rack-protection (~> 1.4)
      tilt (~> 1.3, >= 1.3.4)
    sinatra-partial (0.4.0)
      sinatra
    thor (0.18.1)
    tilt (1.3.7)

PLATFORMS
  ruby

DEPENDENCIES
  compass
  fontcustomtoadstool
  rake
  sass
  sass-globbing
  sinatra
  sinatra-partial
  stipe!
