PATH
  remote: ../stipe
  specs:
    stipe (0.0.5.7.4)
      compass (>= 0.11)
      sass (>= 3.2.1)

PATH
  remote: ./
  specs:
    toadstool (0.0.0.1)
      compass (>= 0.11)
      sass (>= 3.2.1)
      sinatra
      sinatra-partial

GEM
  remote: http://rubygems.org/
  specs:
    chunky_png (1.2.7)
    compass (0.12.2)
      chunky_png (~> 1.2)
      fssm (>= 0.2.7)
      sass (~> 3.1)
    fssm (0.2.10)
    rack (1.5.2)
    rack-protection (1.3.2)
      rack
    rake (10.0.3)
    sass (3.2.5)
    sass-globbing (1.0.0)
      sass (>= 3.1)
    sinatra (1.3.4)
      rack (~> 1.4)
      rack-protection (~> 1.3)
      tilt (~> 1.3, >= 1.3.3)
    sinatra-partial (0.4.0)
      sinatra
    tilt (1.3.3)

PLATFORMS
  ruby

DEPENDENCIES
  compass
  rake
  sass
  sass-globbing
  sinatra
  sinatra-partial
  stipe!
  toadstool!
