PATH
  remote: ../fontcustom
  specs:
    fontcustom (0.1.2)
      json
      listen
      thor

PATH
  remote: ../stipe
  specs:
    stipe (0.0.5.2)
      compass (>= 0.11)
      sass (>= 3.2.1)

GEM
  remote: http://rubygems.org/
  specs:
    chunky_png (1.2.6)
    compass (0.12.2)
      chunky_png (~> 1.2)
      fssm (>= 0.2.7)
      sass (~> 3.1)
    fssm (0.2.9)
    json (1.7.5)
    listen (0.6.0)
    rack (1.4.1)
    rack-protection (1.2.0)
      rack
    rake (10.0.2)
    sass (3.2.3)
    sinatra (1.3.3)
      rack (~> 1.3, >= 1.3.6)
      rack-protection (~> 1.2)
      tilt (~> 1.3, >= 1.3.3)
    sinatra-partial (0.3.2)
      sinatra
    thor (0.16.0)
    tilt (1.3.3)

PLATFORMS
  ruby

DEPENDENCIES
  compass
  fontcustom!
  rake
  sass
  sinatra
  sinatra-partial
  stipe!
