GEM
  remote: http://rubygems.org/
  specs:
    chunky_png (1.2.7)
    compass (0.12.2)
      chunky_png (~> 1.2)
      fssm (>= 0.2.7)
      sass (~> 3.1)
    fontcustomtoadstool (0.1.3.2)
      json
      listen
      thor
    fssm (0.2.10)
    json (1.7.7)
    listen (0.7.3)
    rack (1.5.2)
    rack-protection (1.4.0)
      rack
    rake (10.0.3)
    sass (3.2.6)
    sass-globbing (1.0.0)
      sass (>= 3.1)
    sinatra (1.3.5)
      rack (~> 1.4)
      rack-protection (~> 1.3)
      tilt (~> 1.3, >= 1.3.3)
    sinatra-partial (0.4.0)
      sinatra
    stipe (0.0.5.7.4)
      compass (>= 0.11)
      sass (>= 3.2.1)
    thor (0.17.0)
    tilt (1.3.4)

PLATFORMS
  ruby

DEPENDENCIES
  compass
  fontcustomtoadstool
  rake
  sass
  sass-globbing
  sinatra
  sinatra-partial
  stipe
