PATH
  remote: ../stipe
  specs:
    stipe (0.0.1)
      compass (>= 0.11)

GEM
  remote: http://rubygems.org/
  specs:
    chunky_png (1.2.5)
    compass (0.12.1)
      chunky_png (~> 1.2)
      fssm (>= 0.2.7)
      sass (~> 3.1)
    fssm (0.2.9)
    rack (1.4.1)
    rack-protection (1.2.0)
      rack
    sass (3.2.0.alpha.261)
    sinatra (1.3.2)
      rack (~> 1.3, >= 1.3.6)
      rack-protection (~> 1.2)
      tilt (~> 1.3, >= 1.3.3)
    sinatra-partial (0.3.0)
      sinatra
    tilt (1.3.3)

PLATFORMS
  ruby

DEPENDENCIES
  compass
  sass (>= 3.2.0.alpha.247)
  sinatra
  sinatra-partial
  stipe (= 0.0.1)!
